GEM
  remote: https://rubygems.org/
  specs:
    abbrev (0.1.1)
    addressable (2.8.6)
      public_suffix (>= 2.0.2, < 6.0)
    base64 (0.1.1)
    benchmark (0.2.1)
    bigdecimal (3.1.3)
    builder (3.2.4)
    capybara (3.39.2)
      addressable
      matrix
      mini_mime (>= 0.1.3)
      nokogiri (~> 1.8)
      rack (>= 1.6.0)
      rack-test (>= 0.6.3)
      regexp_parser (>= 1.5, < 3.0)
      xpath (~> 3.2)
    cgi (0.3.6)
    csv (3.2.6)
    cucumber (9.1.0)
      builder (~> 3.2, >= 3.2.4)
      cucumber-ci-environment (~> 9.2, >= 9.2.0)
      cucumber-core (~> 12.0)
      cucumber-cucumber-expressions (~> 17.0)
      cucumber-gherkin (>= 24, < 27)
      cucumber-html-formatter (~> 20.4, >= 20.4.0)
      cucumber-messages (>= 19, < 23)
      diff-lcs (~> 1.5, >= 1.5.0)
      mini_mime (~> 1.1, >= 1.1.5)
      multi_test (~> 1.1, >= 1.1.0)
      sys-uname (~> 1.2, >= 1.2.3)
    cucumber-ci-environment (9.2.0)
    cucumber-core (12.0.0)
      cucumber-gherkin (>= 25, < 27)
      cucumber-messages (>= 20, < 23)
      cucumber-tag-expressions (~> 5.0, >= 5.0.4)
    cucumber-cucumber-expressions (17.0.1)
    cucumber-gherkin (26.2.0)
      cucumber-messages (>= 19.1.4, < 22.1)
    cucumber-html-formatter (20.4.0)
      cucumber-messages (>= 18.0, < 22.1)
    cucumber-messages (22.0.0)
    cucumber-tag-expressions (5.0.6)
    date (3.3.3)
    debug (1.7.1)
      irb (>= 1.5.0)
      reline (>= 0.3.1)
    delegate (0.3.0)
    did_you_mean (1.6.3)
    diff-lcs (1.5.0)
    digest (3.1.1)
    drb (2.1.1)
      ruby2_keywords
    english (0.7.2)
    erb (4.0.2)
      cgi (>= 0.3.3)
    error_highlight (0.5.1)
    etc (1.4.2)
    fcntl (1.0.2)
    ffi (1.16.3-x64-mingw-ucrt)
    fiddle (1.1.1)
    fileutils (1.7.0)
    find (0.1.1)
    forwardable (1.3.3)
    getoptlong (0.2.0)
    io-console (0.6.0)
    io-nonblock (0.2.0)
    io-wait (0.3.0)
    ipaddr (1.2.5)
    irb (1.6.2)
      reline (>= 0.3.0)
    json (2.6.3)
    logger (1.5.3)
    matrix (0.4.2)
    mini_mime (1.1.5)
    minitest (5.16.3)
    multi_test (1.1.0)
    mutex_m (0.1.2)
    net-ftp (0.2.0)
      net-protocol
      time
    net-http (0.3.2)
      uri
    net-imap (0.3.4)
      date
      net-protocol
    net-pop (0.1.2)
      net-protocol
    net-protocol (0.2.1)
      timeout
    net-smtp (0.3.3)
      net-protocol
    nkf (0.1.2)
    nokogiri (1.15.5-x64-mingw-ucrt)
      racc (~> 1.4)
    observer (0.1.1)
    open-uri (0.3.0)
      stringio
      time
      uri
    open3 (0.1.2)
    openssl (3.1.0)
    optparse (0.3.1)
    ostruct (0.5.5)
    pathname (0.2.1)
    power_assert (2.0.3)
    pp (0.4.0)
      prettyprint
    prettyprint (0.1.1)
    prime (0.1.2)
      forwardable
      singleton
    pstore (0.1.2)
    psych (5.0.1)
      stringio
    public_suffix (5.0.4)
    racc (1.6.2)
    rack (3.0.8)
    rack-test (2.1.0)
      rack (>= 1.3)
    rake (13.0.6)
    rbs (2.8.2)
    rdoc (6.5.0)
      psych (>= 4.0.0)
    readline (0.0.3)
      reline
    regexp_parser (2.8.3)
    reline (0.3.2)
      io-console (~> 0.5)
    resolv (0.2.2)
    resolv-replace (0.1.1)
      resolv
    rexml (3.2.5)
    rinda (0.1.1)
      drb
      forwardable
      ipaddr
    rspec (3.12.0)
      rspec-core (~> 3.12.0)
      rspec-expectations (~> 3.12.0)
      rspec-mocks (~> 3.12.0)
    rspec-core (3.12.2)
      rspec-support (~> 3.12.0)
    rspec-expectations (3.12.3)
      diff-lcs (>= 1.2.0, < 2.0)
      rspec-support (~> 3.12.0)
    rspec-mocks (3.12.6)
      diff-lcs (>= 1.2.0, < 2.0)
      rspec-support (~> 3.12.0)
    rspec-support (3.12.1)
    rss (0.2.9)
      rexml
    ruby2_keywords (0.0.5)
    rubyzip (2.3.2)
    securerandom (0.2.2)
    selenium-webdriver (4.16.0)
      rexml (~> 3.2, >= 3.2.5)
      rubyzip (>= 1.2.2, < 3.0)
      websocket (~> 1.0)
    set (1.0.3)
    shellwords (0.1.0)
    singleton (0.1.1)
    stringio (3.0.4)
    strscan (3.0.5)
    syntax_suggest (1.0.2)
    sys-uname (1.2.3)
      ffi (~> 1.1)
    tempfile (0.1.3)
    test-unit (3.5.7)
      power_assert
    time (0.2.2)
      date
    timeout (0.3.1)
    tmpdir (0.1.3)
      fileutils
    tsort (0.1.1)
    typeprof (0.21.3)
      rbs (>= 1.8.1)
    un (0.2.1)
    uri (0.12.1)
    weakref (0.1.2)
      delegate
    websocket (1.2.10)
    win32ole (1.8.9)
    xpath (3.2.0)
      nokogiri (~> 1.8)
    yaml (0.2.1)
    zlib (3.0.0)

PLATFORMS
  x64-mingw-ucrt

DEPENDENCIES
  abbrev (= 0.1.1)
  addressable (= 2.8.6)
  base64 (= 0.1.1)
  benchmark (= 0.2.1)
  bigdecimal (= 3.1.3)
  builder (= 3.2.4)
  bundler (= 2.4.10)
  capybara (= 3.39.2)
  cgi (= 0.3.6)
  csv (= 3.2.6)
  cucumber (= 9.1.0)
  cucumber-ci-environment (= 9.2.0)
  cucumber-core (= 12.0.0)
  cucumber-cucumber-expressions (= 17.0.1)
  cucumber-gherkin (= 26.2.0)
  cucumber-html-formatter (= 20.4.0)
  cucumber-messages (= 22.0.0)
  cucumber-tag-expressions (= 5.0.6)
  date (= 3.3.3)
  debug (= 1.7.1)
  delegate (= 0.3.0)
  did_you_mean (= 1.6.3)
  diff-lcs (= 1.5.0)
  digest (= 3.1.1)
  drb (= 2.1.1)
  english (= 0.7.2)
  erb (= 4.0.2)
  error_highlight (= 0.5.1)
  etc (= 1.4.2)
  fcntl (= 1.0.2)
  ffi (= 1.16.3)
  fiddle (= 1.1.1)
  fileutils (= 1.7.0)
  find (= 0.1.1)
  forwardable (= 1.3.3)
  getoptlong (= 0.2.0)
  io-console (= 0.6.0)
  io-nonblock (= 0.2.0)
  io-wait (= 0.3.0)
  ipaddr (= 1.2.5)
  irb (= 1.6.2)
  json (= 2.6.3)
  logger (= 1.5.3)
  matrix (= 0.4.2)
  mini_mime (= 1.1.5)
  minitest (= 5.16.3)
  multi_test (= 1.1.0)
  mutex_m (= 0.1.2)
  net-ftp (= 0.2.0)
  net-http (= 0.3.2)
  net-imap (= 0.3.4)
  net-pop (= 0.1.2)
  net-protocol (= 0.2.1)
  net-smtp (= 0.3.3)
  nkf (= 0.1.2)
  nokogiri (= 1.15.5)
  observer (= 0.1.1)
  open-uri (= 0.3.0)
  open3 (= 0.1.2)
  openssl (= 3.1.0)
  optparse (= 0.3.1)
  ostruct (= 0.5.5)
  pathname (= 0.2.1)
  power_assert (= 2.0.3)
  pp (= 0.4.0)
  prettyprint (= 0.1.1)
  prime (= 0.1.2)
  pstore (= 0.1.2)
  psych (= 5.0.1)
  public_suffix (= 5.0.4)
  racc (= 1.6.2)
  rack (= 3.0.8)
  rack-test (= 2.1.0)
  rake (= 13.0.6)
  rbs (= 2.8.2)
  rdoc (= 6.5.0)
  readline (= 0.0.3)
  regexp_parser (= 2.8.3)
  reline (= 0.3.2)
  resolv (= 0.2.2)
  resolv-replace (= 0.1.1)
  rexml (= 3.2.5)
  rinda (= 0.1.1)
  rspec (= 3.12.0)
  rspec-core (= 3.12.2)
  rspec-expectations (= 3.12.3)
  rspec-mocks (= 3.12.6)
  rspec-support (= 3.12.1)
  rss (= 0.2.9)
  ruby2_keywords (= 0.0.5)
  rubyzip (= 2.3.2)
  securerandom (= 0.2.2)
  selenium-webdriver (= 4.16.0)
  set (= 1.0.3)
  shellwords (= 0.1.0)
  singleton (= 0.1.1)
  stringio (= 3.0.4)
  strscan (= 3.0.5)
  syntax_suggest (= 1.0.2)
  sys-uname (= 1.2.3)
  tempfile (= 0.1.3)
  test-unit (= 3.5.7)
  time (= 0.2.2)
  timeout (= 0.3.1)
  tmpdir (= 0.1.3)
  tsort (= 0.1.1)
  typeprof (= 0.21.3)
  un (= 0.2.1)
  uri (= 0.12.1)
  weakref (= 0.1.2)
  websocket (= 1.2.10)
  win32ole (= 1.8.9)
  xpath (= 3.2.0)
  yaml (= 0.2.1)
  zlib (= 3.0.0)

BUNDLED WITH
   2.4.10
